GEM
  remote: http://rubygems.org/
  specs:
    adsf (1.2.0)
      rack (>= 1.0.0)
    builder (3.2.2)
    coderay (1.1.0)
    colored (1.2)
    cri (2.6.1)
      colored (~> 1.2)
    daemons (1.1.9)
    ethon (0.7.0)
      ffi (>= 1.3.0)
    eventmachine (1.0.3)
    ffi (1.9.3)
    fssm (0.2.10)
    html-proofer (0.6.8)
      colored (~> 1.2)
      mercenary (~> 0.3.2)
      nokogiri (~> 1.6.0)
      typhoeus (~> 0.6.7)
      yell (~> 2.0)
    kramdown (0.13.8)
    mercenary (0.3.3)
    mime-types (1.25.1)
    mini_portile (0.6.0)
    nanoc (3.7.0)
      cri (~> 2.3)
    nokogiri (1.6.2.1)
      mini_portile (= 0.6.0)
    rack (1.5.2)
    rake (12.3.3)
    rouge (1.4.0)
    thin (1.6.2)
      daemons (>= 1.0.9)
      eventmachine (>= 1.0.0)
      rack (>= 1.0.0)
    typhoeus (0.6.8)
      ethon (>= 0.7.0)
    yajl-ruby (1.4.1)
    yell (2.0.4)

PLATFORMS
  ruby

DEPENDENCIES
  adsf
  builder
  coderay
  fssm
  html-proofer (~> 0.6.1)
  kramdown (~> 0.13.2)
  mime-types (~> 1.16)
  nanoc (~> 3.7)
  nokogiri (~> 1.6.0)
  rake (~> 12.3.3)
  rouge (~> 1.4)
  thin
  yajl-ruby (~> 1.4.1)
